GEM
  remote: https://rubygems.org/
  specs:
    aws-sdk (2.6.44)
      aws-sdk-resources (= 2.6.44)
    aws-sdk-core (2.6.44)
      aws-sigv4 (~> 1.0)
      jmespath (~> 1.0)
    aws-sdk-resources (2.6.44)
      aws-sdk-core (= 2.6.44)
    aws-sigv4 (1.0.0)
    jmespath (1.3.1)
    mini_portile2 (2.1.0)
    nokogiri (1.7.0.1)
      mini_portile2 (~> 2.1.0)
    openssl (2.0.2)

PLATFORMS
  ruby

DEPENDENCIES
  aws-sdk (~> 2.6, >= 2.6.43)
  nokogiri (~> 1.7)
  openssl (~> 2.0, >= 2.0.2)

BUNDLED WITH
   1.13.7
